PATH
  remote: .
  specs:
    encrypted_field (0.1.3)

GEM
  remote: https://rubygems.org/
  specs:
    minitest (5.10.3)
    rake (10.5.0)

PLATFORMS
  ruby

DEPENDENCIES
  bundler (~> 1.13)
  encrypted_field!
  minitest (~> 5.0)
  rake (~> 10.0)

BUNDLED WITH
   1.13.7
